GEM
  remote: https://rubygems.org/
  specs:
    bson (1.8.4)
    bson_ext (1.8.4)
      bson (~> 1.8.4)
    builder (3.2.0)
    cucumber (1.2.4)
      builder (>= 2.1.2)
      diff-lcs (>= 1.1.3)
      gherkin (~> 2.11.7)
      multi_json (~> 1.3)
    diff-lcs (1.2.2)
    gherkin (2.11.7)
      multi_json (~> 1.3)
    mongo (1.8.4)
      bson (~> 1.8.4)
    multi_json (1.7.2)
    yajl-ruby (1.1.0)

PLATFORMS
  ruby

DEPENDENCIES
  bson_ext
  cucumber
  mongo
  yajl-ruby
